GEM
  remote: https://rubygems.org/
  specs:
    ast (2.4.3)
    bigdecimal (3.1.9)
    byebug (12.0.0)
    coderay (1.1.3)
    date (3.4.1)
    extract-repo (0.0.10)
      foobara (~> 0.0.102)
      foobara-sh-cli-connector (~> 0.0.1)
    foob (0.0.13)
      foobara (~> 0.0.99)
      foobara-command-generator (~> 0.0.1)
      foobara-domain-generator (~> 0.0.1)
      foobara-domain-mapper-generator (~> 0.0.1)
      foobara-empty-ruby-project-generator (~> 0.0.1)
      foobara-empty-typescript-react-project-generator (~> 0.0.1)
      foobara-local-files-crud-driver-generator (~> 0.0.1)
      foobara-mcp-connector-generator (~> 0.0.1)
      foobara-organization-generator (~> 0.0.1)
      foobara-rack-connector-generator (~> 0.0.1)
      foobara-redis-crud-driver-generator (~> 0.0.1)
      foobara-remote-imports-generator (~> 0.0.1)
      foobara-resque-connector-generator (~> 0.0.1)
      foobara-resque-scheduler-connector-generator (~> 0.0.1)
      foobara-sh-cli-connector (~> 0.0.10)
      foobara-sh-cli-connector-generator (~> 0.0.1)
      foobara-type-generator (~> 0.0.1)
      foobara-typescript-react-command-form-generator (~> 0.0.1)
      foobara-typescript-remote-command-generator (~> 0.0.1)
    foobara (0.0.104)
      bigdecimal
      foobara-lru-cache (~> 0.0.2)
      foobara-util (~> 0.0.11)
      inheritable-thread-vars (~> 0.0.1)
    foobara-command-generator (0.0.3)
      foobara
      foobara-files-generator
    foobara-domain-generator (0.0.3)
      foobara
      foobara-files-generator
    foobara-domain-mapper-generator (0.0.4)
      foobara
      foobara-files-generator
    foobara-empty-ruby-project-generator (0.0.17)
      extract-repo (~> 0.0.1)
      foobara (~> 0.0.94)
      foobara-files-generator (~> 0.0.1)
    foobara-empty-typescript-react-project-generator (0.0.4)
      foobara
      foobara-files-generator
    foobara-files-generator (0.0.5)
      foobara
    foobara-http-command-connector (0.0.21)
      foobara (~> 0.0.88)
    foobara-json-schema-generator (0.0.4)
      foobara (~> 0.0.92)
    foobara-local-files-crud-driver (0.0.9)
      foobara (~> 0.0.102)
    foobara-local-files-crud-driver-generator (0.0.3)
      foobara
      foobara-files-generator
    foobara-lru-cache (0.0.2)
    foobara-mcp-connector (0.0.4)
      foobara (~> 0.0.101)
      foobara-json-schema-generator (~> 0.0.1)
    foobara-mcp-connector-generator (0.0.6)
      foobara (~> 0.0.99)
    foobara-organization-generator (0.0.2)
      foobara
      foobara-files-generator
    foobara-rack-connector (0.0.9)
      foobara (~> 0.0.88)
      foobara-http-command-connector (~> 0.0.1)
      rack
    foobara-rack-connector-generator (0.0.11)
      foobara
      foobara-files-generator
    foobara-redis-crud-driver-generator (0.0.4)
      foobara-files-generator (~> 0.0.1)
    foobara-remote-imports (0.0.10)
      foobara (~> 0.0.88)
    foobara-remote-imports-generator (0.0.3)
      foobara
      foobara-files-generator
    foobara-resque-connector-generator (0.0.2)
      foobara
      foobara-files-generator
    foobara-resque-scheduler-connector-generator (0.0.2)
      foobara
      foobara-files-generator
    foobara-rubocop-rules (0.0.8)
      rubocop
      rubocop-rspec
    foobara-sh-cli-connector (0.0.15)
      foobara (~> 0.0.88)
    foobara-sh-cli-connector-generator (0.0.4)
      foobara-files-generator (~> 0.0.1)
    foobara-type-generator (0.0.4)
      foobara
      foobara-files-generator
    foobara-typescript-react-command-form-generator (0.0.12)
      foobara-typescript-remote-command-generator (~> 0.0.1)
    foobara-typescript-remote-command-generator (0.0.18)
      foobara-files-generator (~> 0.0.1)
    foobara-util (0.0.11)
    inheritable-thread-vars (0.0.2)
    io-console (0.8.0)
    irb (1.15.2)
      pp (>= 0.6.0)
      rdoc (>= 4.0.0)
      reline (>= 0.4.2)
    json (2.10.2)
    language_server-protocol (3.17.0.4)
    lint_roller (1.1.0)
    method_source (1.1.0)
    nio4r (2.7.4)
    parallel (1.27.0)
    parser (3.3.8.0)
      ast (~> 2.4.1)
      racc
    pp (0.6.2)
      prettyprint
    prettyprint (0.2.0)
    prism (1.4.0)
    pry (0.15.2)
      coderay (~> 1.1)
      method_source (~> 1.0)
    pry-byebug (3.11.0)
      byebug (~> 12.0)
      pry (>= 0.13, < 0.16)
    psych (5.2.3)
      date
      stringio
    puma (6.6.0)
      nio4r (~> 2.0)
    racc (1.8.1)
    rack (3.1.13)
    rackup (2.2.1)
      rack (>= 3)
    rainbow (3.1.1)
    rdoc (6.13.1)
      psych (>= 4.0.0)
    regexp_parser (2.10.0)
    reline (0.6.1)
      io-console (~> 0.5)
    rubocop (1.75.2)
      json (~> 2.3)
      language_server-protocol (~> 3.17.0.2)
      lint_roller (~> 1.1.0)
      parallel (~> 1.10)
      parser (>= 3.3.0.2)
      rainbow (>= 2.2.2, < 4.0)
      regexp_parser (>= 2.9.3, < 3.0)
      rubocop-ast (>= 1.44.0, < 2.0)
      ruby-progressbar (~> 1.7)
      unicode-display_width (>= 2.4.0, < 4.0)
    rubocop-ast (1.44.1)
      parser (>= 3.3.7.2)
      prism (~> 1.4)
    rubocop-rake (0.7.1)
      lint_roller (~> 1.1)
      rubocop (>= 1.72.1)
    rubocop-rspec (3.6.0)
      lint_roller (~> 1.1)
      rubocop (~> 1.72, >= 1.72.1)
    ruby-progressbar (1.13.0)
    stringio (3.1.6)
    unicode-display_width (3.1.4)
      unicode-emoji (~> 4.0, >= 4.0.4)
    unicode-emoji (4.0.4)

PLATFORMS
  ruby
  x86_64-linux

DEPENDENCIES
  foob
  foobara
  foobara-local-files-crud-driver
  foobara-mcp-connector
  foobara-rack-connector
  foobara-remote-imports
  foobara-rubocop-rules
  foobara-sh-cli-connector
  irb
  pry
  pry-byebug
  puma
  rack
  rackup
  rubocop
  rubocop-rake

BUNDLED WITH
   2.6.7
